{
	"InstitutionName":"Weill Cornell Medicine",
	"InstitutionAddress":"1300 York Avenue, New York, NY 10065",
	"Manufacturer":"GE",
	"ManufacturersModelName":"Discovery MR750",
	"SoftwareVersions":"DV26.0_R01_1725.a",
	"MagneticFieldStrength":3,
	"NumberReceiveCoilActiveElements":32,
	"PulseSequenceType":"HERMES-PRESS",
	"ScanningSequence":"SVS",
	"WaterSuppression":true,
	"WaterSuppressionTechnique":"CHESS",
	"OuterVolumeSuppression":true,
	"B0ShimmingTechnique":"Double-echo GRE",
	"BodyPart":"Brain",
	"BodyPartDetails":"Medial parietal lobe",
	"ResonantNucleus":[
		"1H"
	],
	"SpectrometerFrequency":127.77,
	"SpectralWidth":5000,
	"EchoTime":0.082,
	"NumberOfSpectralPoints":4096,
	"AcquisitionVoxelSize":[30,30,30],
	"ReferenceSignal":"bids::sub-01/ses-01/mrs/sub-01_ses-01_acq-hermespress_mrsref.nii.gz",
	"RepetitionTime":2,
	"NumberOfTransients":224,
	"AnatomicalImage":"bids::sub-09/ses-02/anat/sub-09_ses-02_T1w.nii",
	"EditTarget":[
		"GABA",
		"GSH"
	],
	"EditPulse":{
		"A":{
			"FrequencyOffset":[1.9,4.56],
			"PulseDuration":20
		},
		"B":{
			"FrequencyOffset":[1.9,1.9],
			"PulseDuration":20
		},
		"C":{
			"FrequencyOffset":[4.56,4.56],
			"PulseDuration":20
		},
		"D":{
			"FrequencyOffset":[12.51,12.51],
			"PulseDuration":20
		}
	},
	"EditCondition":[
		"A",
		"B",
		"C",
		"D"
	]
}
