{
	"Modality": "MR",
	"MagneticFieldStrength": 3,
	"ImagingFrequency": 127.771,
	"Manufacturer": "GE",
	"ManufacturersModelName": "DISCOVERY MR750",
	"InstitutionName": "CBIC",
	"DeviceSerialNumber": "000000000000GEMR",
	"StationName": "CBICMR30X279",
	"BodyPartExamined": "HEAD",
	"PatientPosition": "HFS",
	"ProcedureStepDescription": "MR BRAIN WITHOUT IV CONTRAST",
	"SoftwareVersions": "27\\LX\\MR Software release:DV26.0_R01_1725.a",
	"MRAcquisitionType": "3D",
	"SeriesDescription": "Ax FSPGR BRAVO",
	"ProtocolName": "MIKKELSEN-SPECTRE-QA",
	"ScanningSequence": "GR",
	"SequenceVariant": "SS\\SK",
	"ScanOptions": "FAST_GEMS\\EDR_GEMS\\FILTERED_GEMS\\ACC_GEMS\\IR_GEMS",
	"ImageType": ["ORIGINAL", "PRIMARY", "OTHER"],
	"SeriesNumber": 3,
	"AcquisitionTime": "10:03:55.000000",
	"AcquisitionNumber": 1,
	"SliceThickness": 1.5,
	"SpacingBetweenSlices": 1.5,
	"SAR": 0.0408881,
	"EchoTime": 0.005176,
	"RepetitionTime": 0.012232,
	"InversionTime": 0.725,
	"FlipAngle": 7,
	"CoilString": "32Ch Head",
	"PercentPhaseFOV": 80,
	"PercentSampling": 100,
	"AcquisitionMatrixPE": 192,
	"ReconMatrixPE": 256,
	"ParallelReductionFactorInPlane": 2,
	"PixelBandwidth": 122.109,
	"ImageOrientationPatientDICOM": [
		0.99911,
		-0.03511,
		-0.02323,
		0.03838,
		0.98635,
		0.16011	],
	"InPlanePhaseEncodingDirectionDICOM": "ROW",
	"ConversionSoftware": "dcm2niix",
	"ConversionSoftwareVersion": "v1.0.20211006"
}
